GEM
  remote: http://rubygems.org/
  specs:
    json (1.5.0)
    json (1.5.0-java)
    json-jruby (1.5.0-java)
      json (= 1.5.0)
    rake (10.0.1)
    redis (3.0.2)
    redstorm (0.6.4)
      rake

PLATFORMS
  java

DEPENDENCIES
  json-jruby
  redis
  redstorm
